PATH
  remote: ../core
  specs:
    noughts_and_crosses (0.0.1)

PATH
  remote: ../ui_core
  specs:
    noughts_and_crosses_ui_core (0.0.1)
      noughts_and_crosses

GEM
  remote: https://rubygems.org/
  specs:
    diff-lcs (1.2.5)
    docile (1.1.5)
    multi_json (1.10.1)
    qtbindings (4.8.5.2)
    rack (1.5.2)
    rspec (3.0.0)
      rspec-core (~> 3.0.0)
      rspec-expectations (~> 3.0.0)
      rspec-mocks (~> 3.0.0)
    rspec-core (3.0.1)
      rspec-support (~> 3.0.0)
    rspec-expectations (3.0.1)
      diff-lcs (>= 1.2.0, < 2.0)
      rspec-support (~> 3.0.0)
    rspec-mocks (3.0.1)
      rspec-support (~> 3.0.0)
    rspec-support (3.0.0)
    simplecov (0.8.2)
      docile (~> 1.1.0)
      multi_json
      simplecov-html (~> 0.8.0)
    simplecov-html (0.8.0)

PLATFORMS
  ruby

DEPENDENCIES
  noughts_and_crosses!
  noughts_and_crosses_ui_core!
  qtbindings
  rack
  rspec
  simplecov
